PATH
  remote: .
  specs:
    motion-gradle (1.3.0)

GEM
  remote: https://rubygems.org/
  specs:
    bacon (1.2.0)
    rake (10.4.2)

PLATFORMS
  ruby

DEPENDENCIES
  bacon
  motion-gradle!
  rake
